GEM
  remote: http://rubygems.org/
  specs:
    activemodel (3.0.6)
      activesupport (= 3.0.6)
      builder (~> 2.1.2)
      i18n (~> 0.5.0)
    activerecord (3.0.6)
      activemodel (= 3.0.6)
      activesupport (= 3.0.6)
      arel (~> 2.0.2)
      tzinfo (~> 0.3.23)
    activesupport (3.0.6)
    arel (2.0.9)
    builder (2.1.2)
    configuration (1.2.0)
    heroku (1.20.1)
      launchy (~> 0.3.2)
      rest-client (>= 1.4.0, < 1.7.0)
    heroku_backup_task (0.0.4)
      heroku (>= 1.13.7, < 2.0)
      rake
    i18n (0.5.0)
    json (1.4.6)
    launchy (0.3.7)
      configuration (>= 0.0.5)
      rake (>= 0.8.1)
    meta_where (1.0.4)
      activerecord (~> 3.0.0)
      activesupport (~> 3.0.0)
      arel (~> 2.0.7)
    mime-types (1.16)
    rack (1.2.1)
    rake (0.8.7)
    rest-client (1.6.1)
      mime-types (>= 1.16)
    rmagick (2.13.1)
    sass (3.1.0.alpha.253)
    sinatra (1.2.0)
      rack (~> 1.1)
      tilt (>= 1.2.2, < 2.0)
    sinatra-activerecord (0.1.3)
      sinatra (>= 0.9.4)
    slim (0.9.0)
      temple (~> 0.1.7)
      tilt (~> 1.2)
    sqlite3 (1.3.3)
    temple (0.1.7)
    tilt (1.2.2)
    tzinfo (0.3.26)

PLATFORMS
  ruby

DEPENDENCIES
  activerecord
  activesupport
  heroku_backup_task
  json (= 1.4.6)
  meta_where
  rake
  rmagick
  sass
  sinatra
  sinatra-activerecord
  slim
  sqlite3
